GEM
  remote: https://rubygems.org/
  specs:
    puma (3.10.0)
    quadkey (0.2.0)
    rack (2.0.6)

PLATFORMS
  ruby

DEPENDENCIES
  puma (~> 3.10.0)
  quadkey (~> 0.2.0)
  rack (~> 2.0.6)

BUNDLED WITH
   1.16.0
