GEM
  remote: https://rubygems.org/
  specs:
    coderay (1.1.3)
    ffi (1.13.1)
    listen (3.2.1)
      rb-fsevent (~> 0.10, >= 0.10.3)
      rb-inotify (~> 0.9, >= 0.9.10)
    method_source (1.0.0)
    pry (0.13.1)
      coderay (~> 1.1)
      method_source (~> 1.0)
    puma (3.12.6)
    quadkey (0.2.0)
    rack (2.1.4)
    rb-fsevent (0.10.4)
    rb-inotify (0.10.1)
      ffi (~> 1.0)
    rerun (0.13.0)
      listen (~> 3.0)

PLATFORMS
  ruby

DEPENDENCIES
  pry (~> 0.13.1)
  puma (~> 3.12.6)
  quadkey (~> 0.2.0)
  rack (~> 2.1.4)
  rerun (~> 0.13.0)

BUNDLED WITH
   1.17.2
