GEM
  remote: https://rubygems.org/
  specs:
    coderay (1.1.3)
    method_source (1.0.0)
    pry (0.13.1)
      coderay (~> 1.1)
      method_source (~> 1.0)
    puma (3.12.6)
    quadkey (0.2.0)
    rack (2.0.8)

PLATFORMS
  ruby

DEPENDENCIES
  pry (~> 0.13.1)
  puma (~> 3.12.6)
  quadkey (~> 0.2.0)
  rack (~> 2.0.8)

BUNDLED WITH
   1.16.0
