GEM
  remote: https://rubygems.org/
  specs:
    puma (3.12.4)
    quadkey (0.2.0)
    rack (2.0.8)

PLATFORMS
  ruby

DEPENDENCIES
  puma (~> 3.12.4)
  quadkey (~> 0.2.0)
  rack (~> 2.0.8)

BUNDLED WITH
   1.16.0
